GEM
  remote: https://rubygems.org/
  specs:
    bigdecimal (3.1.9)
    progressbar (1.13.0)

PLATFORMS
  ruby
  x86_64-linux

DEPENDENCIES
  bigdecimal
  progressbar

BUNDLED WITH
   2.6.2
